GEM
  remote: http://rubygems.org/
  specs:
    actionmailer (2.3.14)
      actionpack (= 2.3.14)
    actionpack (2.3.14)
      activesupport (= 2.3.14)
      rack (~> 1.1.0)
    activerecord (2.3.14)
      activesupport (= 2.3.14)
    activeresource (2.3.14)
      activesupport (= 2.3.14)
    activesupport (2.3.14)
    asf-soap-adapter (1.3.1)
      builder (>= 1.2.4)
      facets (= 2.8.4)
      hpricot (>= 0.8.2)
      oauth (= 0.4.4)
      rforce (>= 0.6)
    builder (3.0.0)
    facets (2.8.4)
    hpricot (0.8.5)
    oauth (0.4.4)
    rack (1.1.2)
    rails (2.3.14)
      actionmailer (= 2.3.14)
      actionpack (= 2.3.14)
      activerecord (= 2.3.14)
      activeresource (= 2.3.14)
      activesupport (= 2.3.14)
      rake (>= 0.8.3)
    rake (0.9.2.2)
    rforce (0.7)
      builder (~> 3.0)
      oauth (~> 0.4)

PLATFORMS
  ruby

DEPENDENCIES
  asf-soap-adapter
  facets (= 2.8.4)
  rails (= 2.3.14)
